GEM
  remote: https://rubygems.org/
  specs:
    multipart_body (0.2.1)

PLATFORMS
  ruby

DEPENDENCIES
  multipart_body

BUNDLED WITH
   2.2.5
